PATH
  remote: .
  specs:
    tumblrb (1.0.6)
      activesupport (~> 3.0)
      addressable
      curb (~> 0.7.15)
      nokogiri (~> 1.4.4)

GEM
  remote: http://rubygems.org/
  specs:
    activesupport (3.1.1)
      multi_json (~> 1.0)
    addressable (2.2.6)
    curb (0.7.15)
    multi_json (1.0.3)
    nokogiri (1.4.7)

PLATFORMS
  ruby

DEPENDENCIES
  activesupport (~> 3.0)
  addressable
  curb (~> 0.7.15)
  nokogiri (~> 1.4.4)
  tumblrb!
